GEM
  specs:
    cinch (2.0.3)
    cinch-identify (1.3.0)
      cinch (~> 2.0)
    net-irc (0.0.9)
    string-irc (0.2.3)
      net-irc (~> 0.0.9)

PLATFORMS
  x86-mingw32

DEPENDENCIES
  cinch
  cinch-identify
  string-irc
