GEM
  specs:
    cinch (2.0.3)
    cinch-identify (1.3.0)
      cinch (~> 2.0)

PLATFORMS
  x86-mingw32

DEPENDENCIES
  cinch
  cinch-identify
